PATH
  remote: .
  specs:
    wlang (0.10.2)

GEM
  remote: http://rubygems.org/
  specs:
    RedCloth (4.2.7)
    RedCloth (4.2.7-java)
    bluecloth (2.0.11)
    coderay (0.9.8)
    diff-lcs (1.1.2)
    rake (0.9.2)
    rdoc (3.8)
    rspec (2.4.0)
      rspec-core (~> 2.4.0)
      rspec-expectations (~> 2.4.0)
      rspec-mocks (~> 2.4.0)
    rspec-core (2.4.0)
    rspec-expectations (2.4.0)
      diff-lcs (~> 1.1.2)
    rspec-mocks (2.4.0)
    yard (0.6.8)

PLATFORMS
  java
  ruby

DEPENDENCIES
  RedCloth
  bluecloth (~> 2.0.9)
  bundler (~> 1.0)
  coderay
  rake (~> 0.9.2)
  rdoc
  rspec (~> 2.4.0)
  wlang!
  yard (~> 0.6.4)
