GEM
  remote: http://rubygems.org/
  specs:
    RedCloth (4.2.9)
    RedCloth (4.2.9-java)
    bluecloth (2.0.11)
    coderay (1.0.5)
    diff-lcs (1.1.3)
    json (1.6.4)
    json (1.6.4-java)
    rake (0.9.2.2)
    rdoc (3.12)
      json (~> 1.4)
    rspec (2.4.0)
      rspec-core (~> 2.4.0)
      rspec-expectations (~> 2.4.0)
      rspec-mocks (~> 2.4.0)
    rspec-core (2.4.0)
    rspec-expectations (2.4.0)
      diff-lcs (~> 1.1.2)
    rspec-mocks (2.4.0)
    yard (0.6.8)

PLATFORMS
  java
  ruby

DEPENDENCIES
  RedCloth
  bluecloth (~> 2.0.9)
  bundler (~> 1.0)
  coderay
  rake (~> 0.9.2)
  rdoc
  rspec (~> 2.4.0)
  yard (~> 0.6.4)
